GEM
  remote: https://rubygems.org/
  specs:
    ast (2.4.1)
    debase (0.2.4.1)
      debase-ruby_core_source (>= 0.10.2)
    debase-ruby_core_source (0.10.11)
    exifr (1.3.9)
    fastri (0.3.1.1)
    little-plugger (1.1.4)
    logging (2.3.0)
      little-plugger (~> 1.1)
      multi_json (~> 1.14)
    minitest (5.14.2)
    multi_json (1.15.0)
    parallel (1.20.1)
    parser (3.0.0.0)
      ast (~> 2.4.1)
    rainbow (3.0.0)
    rake (13.0.3)
    rcodetools (0.8.5.0)
    regexp_parser (2.0.3)
    rexml (3.2.4)
    rubocop (1.7.0)
      parallel (~> 1.10)
      parser (>= 2.7.1.5)
      rainbow (>= 2.2.2, < 4.0)
      regexp_parser (>= 1.8, < 3.0)
      rexml
      rubocop-ast (>= 1.2.0, < 2.0)
      ruby-progressbar (~> 1.7)
      unicode-display_width (>= 1.4.0, < 2.0)
    rubocop-ast (1.3.0)
      parser (>= 2.7.1.5)
    ruby-debug-ide (0.7.2)
      rake (>= 0.8.1)
    ruby-progressbar (1.11.0)
    sqlite3 (1.4.2)
    unicode-display_width (1.7.0)

PLATFORMS
  x86_64-linux

DEPENDENCIES
  debase (~> 0.2.4)
  exifr (~> 1.3, >= 1.3.9)
  fastri (~> 0.3.1.1)
  logging (~> 2.3.0)
  minitest (~> 5.14, >= 5.14.2)
  rake
  rcodetools (~> 0.8.5.0)
  rubocop (~> 1.6)
  ruby-debug-ide (~> 0.7)
  sqlite3 (~> 1.4, >= 1.4.2)

BUNDLED WITH
   2.2.2
